PATH
  remote: .
  specs:
    naughty_maze (0.0.1)
      algorithms
      commander

GEM
  remote: http://rubygems.org/
  specs:
    algorithms (0.4.0)
    builder (3.0.0)
    commander (4.1.2)
      highline (~> 1.6.11)
    cucumber (1.1.9)
      builder (>= 2.1.2)
      diff-lcs (>= 1.1.2)
      gherkin (~> 2.9.0)
      json (>= 1.4.6)
      term-ansicolor (>= 1.0.6)
    diff-lcs (1.1.3)
    gherkin (2.9.3)
      json (>= 1.4.6)
    highline (1.6.11)
    json (1.6.6)
    rspec (2.9.0)
      rspec-core (~> 2.9.0)
      rspec-expectations (~> 2.9.0)
      rspec-mocks (~> 2.9.0)
    rspec-core (2.9.0)
    rspec-expectations (2.9.1)
      diff-lcs (~> 1.1.3)
    rspec-mocks (2.9.0)
    term-ansicolor (1.0.7)

PLATFORMS
  ruby

DEPENDENCIES
  cucumber
  naughty_maze!
  rspec
